GEM
  remote: https://rubygems.org/
  specs:
    6to5 (0.5.0)
      6to5-source (>= 1.14, < 4)
      execjs (~> 2.0)
    6to5-source (3.6.5)
    execjs (2.3.0)
    rack (1.6.0)
    sprockets (3.0.0.beta.8)
      rack (~> 1.0)
    sprockets-es6 (0.5.0)
      6to5
      sprockets (~> 3.0.0.beta)

PLATFORMS
  ruby

DEPENDENCIES
  sprockets-es6
